GEM
  remote: http://rubygems.org/
  specs:
    addressable (2.2.7)
    bishl (0.0.3)
      bishl
      bundler
      chronic
      httparty
      nokogiri
      virtus
    chronic (0.6.7)
    grape (0.2.0)
      hashie (~> 1.2)
      multi_json
      multi_xml
      rack
      rack-mount
    hashie (1.2.0)
    heroku (2.23.0)
      launchy (>= 0.3.2)
      netrc (~> 0.7.1)
      rest-client (~> 1.6.1)
      rubyzip
    httparty (0.8.1)
      multi_json
      multi_xml
    launchy (2.1.0)
      addressable (~> 2.2.6)
    mime-types (1.18)
    multi_json (1.2.0)
    multi_xml (0.4.2)
    netrc (0.7.1)
    nokogiri (1.5.2)
    rack (1.4.1)
    rack-mount (0.8.3)
      rack (>= 1.0.0)
    rest-client (1.6.7)
      mime-types (>= 1.16)
    rubyzip (0.9.6.1)
    virtus (0.4.0)

PLATFORMS
  ruby

DEPENDENCIES
  bishl
  grape
  heroku
